FRAMEWORK: NETCORE11
NUGET
  remote: https://www.nuget.org/api/v2
    Microsoft.AspNetCore (1.1.2)
    Microsoft.AspNetCore.Mvc (1.1.3)
    Microsoft.AspNetCore.StaticFiles (1.1.2)
    Microsoft.Extensions.Logging.Console (1.1.2)
    Microsoft.Extensions.Logging.Debug (1.1.2)
    Microsoft.VisualStudio.Web.BrowserLink (1.1.2)
    Newtonsoft.Json (10.0.3)
    SkiaSharp (1.58.1)
